PATH
  remote: .
  specs:
    gpodder-ruby (0.1.0)
      faraday
      faraday_middleware
      json

GEM
  remote: https://rubygems.org/
  specs:
    addressable (2.5.2)
      public_suffix (>= 2.0.2, < 4.0)
    ast (2.4.0)
    binding.repl (3.0.0)
    cd (1.0.1)
    clipboard (1.1.2)
    code (0.9.2)
      coderay (~> 1.1)
      method_source (~> 0.9)
    coderay (1.1.2)
    crack (0.4.3)
      safe_yaml (~> 1.0.0)
    debugging (1.1.1)
      binding.repl (~> 3.0)
      paint (>= 0.9, < 3.0)
    eventmachine (1.2.7)
    every_day_irb (2.0.0)
      cd (~> 1.0)
    fancy_irb (1.1.0)
      paint (>= 0.9, < 3.0)
      unicode-display_width (~> 1.1)
    faraday (0.15.2)
      multipart-post (>= 1.2, < 3)
    faraday_middleware (0.12.2)
      faraday (>= 0.7.4, < 1.0)
    ffi (1.9.25)
    hashdiff (0.3.7)
    hirb (0.7.3)
    htmlentities (4.3.4)
    instance (0.2.0)
    interactive_editor (0.0.11)
      spoon (>= 0.0.1)
    irbtools (2.2.1)
      binding.repl (~> 3.0)
      clipboard (~> 1.1)
      code (~> 0.9)
      coderay (~> 1.1)
      debugging (~> 1.1)
      every_day_irb (~> 2.0)
      fancy_irb (~> 1.1)
      hirb (~> 0.7, >= 0.7.3)
      instance (~> 0.2)
      interactive_editor (~> 0.0, >= 0.0.10)
      method_locator (~> 0.0, >= 0.0.4)
      methodfinder (~> 2.0)
      ori (~> 0.1.0)
      os
      paint (>= 0.9, < 3.0)
      ruby_engine (~> 1.0)
      ruby_info (~> 1.0)
      ruby_version (~> 1.0)
      wirb (~> 2.0)
    jaro_winkler (1.5.1)
    json (2.1.0)
    kramdown (1.17.0)
    method_locator (0.0.4)
    method_source (0.9.0)
    methodfinder (2.2.1)
    mini_portile2 (2.3.0)
    minitest (5.11.3)
    multipart-post (2.0.0)
    nokogiri (1.8.4)
      mini_portile2 (~> 2.3.0)
    ori (0.1.0)
    os (1.0.0)
    paint (2.0.1)
    parallel (1.12.1)
    parser (2.5.1.2)
      ast (~> 2.4.0)
    powerpack (0.1.2)
    public_suffix (3.0.2)
    rainbow (3.0.0)
    rake (10.5.0)
    reverse_markdown (1.1.0)
      nokogiri
    rubocop (0.58.1)
      jaro_winkler (~> 1.5.1)
      parallel (~> 1.10)
      parser (>= 2.5, != 2.5.1.1)
      powerpack (~> 0.1)
      rainbow (>= 2.2.2, < 4.0)
      ruby-progressbar (~> 1.7)
      unicode-display_width (~> 1.0, >= 1.0.1)
    ruby-progressbar (1.9.0)
    ruby_engine (1.0.1)
    ruby_info (1.0.1)
    ruby_version (1.0.1)
    safe_yaml (1.0.4)
    solargraph (0.23.5)
      coderay (~> 1.1)
      eventmachine (~> 1.2, >= 1.2.5)
      htmlentities (~> 4.3, >= 4.3.4)
      kramdown (~> 1.16)
      parser (~> 2.4)
      reverse_markdown (~> 1.0, >= 1.0.5)
      rubocop (~> 0.52)
      thor (~> 0.19, >= 0.19.4)
      tilt (~> 2.0)
      yard (~> 0.9)
    spoon (0.0.6)
      ffi
    thor (0.20.0)
    tilt (2.0.8)
    unicode-display_width (1.4.0)
    vcr (4.0.0)
    webmock (3.4.2)
      addressable (>= 2.3.6)
      crack (>= 0.3.2)
      hashdiff
    wirb (2.1.2)
      paint (>= 0.9, < 3.0)
    yard (0.9.15)

PLATFORMS
  ruby

DEPENDENCIES
  bundler (~> 1.16)
  gpodder-ruby!
  irbtools
  minitest (~> 5.0)
  rake (~> 10.0)
  rubocop
  solargraph
  vcr
  webmock

BUNDLED WITH
   1.16.3
